GEM
  remote: https://rubygems.org/
  specs:
<<<<<<< HEAD
<<<<<<< HEAD
<<<<<<< HEAD
<<<<<<< HEAD
=======
>>>>>>> d324b8a... Updated gems
    actioncable (7.0.4)
      actionpack (= 7.0.4)
      activesupport (= 7.0.4)
      nio4r (~> 2.0)
      websocket-driver (>= 0.6.1)
    actionmailbox (7.0.4)
      actionpack (= 7.0.4)
      activejob (= 7.0.4)
      activerecord (= 7.0.4)
      activestorage (= 7.0.4)
      activesupport (= 7.0.4)
      mail (>= 2.7.1)
      net-imap
      net-pop
      net-smtp
    actionmailer (7.0.4)
      actionpack (= 7.0.4)
      actionview (= 7.0.4)
      activejob (= 7.0.4)
      activesupport (= 7.0.4)
=======
    actioncable (6.0.3.7)
      actionpack (= 6.0.3.7)
      nio4r (~> 2.0)
      websocket-driver (>= 0.6.1)
    actionmailbox (6.0.3.7)
      actionpack (= 6.0.3.7)
      activejob (= 6.0.3.7)
      activerecord (= 6.0.3.7)
      activestorage (= 6.0.3.7)
      activesupport (= 6.0.3.7)
      mail (>= 2.7.1)
<<<<<<< HEAD
=======
    actioncable (6.0.3.7)
      actionpack (= 6.0.3.7)
=======
    actioncable (7.0.4)
      actionpack (= 7.0.4)
      activesupport (= 7.0.4)
>>>>>>> 8e324bc... Update Ruby and Rails
      nio4r (~> 2.0)
      websocket-driver (>= 0.6.1)
    actionmailbox (7.0.4)
      actionpack (= 7.0.4)
      activejob (= 7.0.4)
      activerecord (= 7.0.4)
      activestorage (= 7.0.4)
      activesupport (= 7.0.4)
      mail (>= 2.7.1)
<<<<<<< HEAD
>>>>>>> 7b8c24e... Updated gems
=======
>>>>>>> d324b8a... Updated gems
    actionmailer (6.0.3.7)
      actionpack (= 6.0.3.7)
      actionview (= 6.0.3.7)
      activejob (= 6.0.3.7)
<<<<<<< HEAD
<<<<<<< HEAD
>>>>>>> 7d3f11c... Updated gems
=======
>>>>>>> 7b8c24e... Updated gems
=======
      net-imap
      net-pop
      net-smtp
    actionmailer (7.0.4)
      actionpack (= 7.0.4)
      actionview (= 7.0.4)
      activejob (= 7.0.4)
      activesupport (= 7.0.4)
>>>>>>> 8e324bc... Update Ruby and Rails
=======
>>>>>>> 7d3f11c... Updated gems
>>>>>>> d324b8a... Updated gems
      mail (~> 2.5, >= 2.5.4)
      net-imap
      net-pop
      net-smtp
      rails-dom-testing (~> 2.0)
<<<<<<< HEAD
<<<<<<< HEAD
<<<<<<< HEAD
=======
>>>>>>> 8e324bc... Update Ruby and Rails
=======
>>>>>>> d324b8a... Updated gems
    actionpack (7.0.4)
      actionview (= 7.0.4)
      activesupport (= 7.0.4)
      rack (~> 2.0, >= 2.2.0)
<<<<<<< HEAD
      rack-test (>= 0.6.3)
      rails-dom-testing (~> 2.0)
<<<<<<< HEAD
      rails-html-sanitizer (~> 1.0, >= 1.2.0)
    actiontext (7.0.4)
      actionpack (= 7.0.4)
      activerecord (= 7.0.4)
      activestorage (= 7.0.4)
      activesupport (= 7.0.4)
      globalid (>= 0.6.0)
      nokogiri (>= 1.8.5)
    actionview (7.0.4)
      activesupport (= 7.0.4)
=======
=======
>>>>>>> 7b8c24e... Updated gems
    actionpack (6.0.3.7)
      actionview (= 6.0.3.7)
      activesupport (= 6.0.3.7)
      rack (~> 2.0, >= 2.0.8)
=======
>>>>>>> 8e324bc... Update Ruby and Rails
      rack-test (>= 0.6.3)
      rails-dom-testing (~> 2.0)
      rails-html-sanitizer (~> 1.0, >= 1.2.0)
    actiontext (7.0.4)
      actionpack (= 7.0.4)
      activerecord (= 7.0.4)
      activestorage (= 7.0.4)
      activesupport (= 7.0.4)
      globalid (>= 0.6.0)
      nokogiri (>= 1.8.5)
<<<<<<< HEAD
    actionview (6.0.3.7)
      activesupport (= 6.0.3.7)
<<<<<<< HEAD
>>>>>>> 7d3f11c... Updated gems
=======
>>>>>>> 7b8c24e... Updated gems
=======
    actionview (7.0.4)
      activesupport (= 7.0.4)
<<<<<<< HEAD
>>>>>>> 8e324bc... Update Ruby and Rails
=======
=======
    actionpack (6.0.3.7)
      actionview (= 6.0.3.7)
      activesupport (= 6.0.3.7)
      rack (~> 2.0, >= 2.0.8)
      rack-test (>= 0.6.3)
      rails-dom-testing (~> 2.0)
      rails-html-sanitizer (~> 1.0, >= 1.2.0)
    actiontext (6.0.3.7)
      actionpack (= 6.0.3.7)
      activerecord (= 6.0.3.7)
      activestorage (= 6.0.3.7)
      activesupport (= 6.0.3.7)
      nokogiri (>= 1.8.5)
    actionview (6.0.3.7)
      activesupport (= 6.0.3.7)
>>>>>>> 7d3f11c... Updated gems
>>>>>>> d324b8a... Updated gems
      builder (~> 3.1)
      erubi (~> 1.4)
      rails-dom-testing (~> 2.0)
      rails-html-sanitizer (~> 1.1, >= 1.2.0)
<<<<<<< HEAD
<<<<<<< HEAD
<<<<<<< HEAD
<<<<<<< HEAD
=======
>>>>>>> d324b8a... Updated gems
    activejob (7.0.4)
      activesupport (= 7.0.4)
      globalid (>= 0.3.6)
    activemodel (7.0.4)
      activesupport (= 7.0.4)
    activerecord (7.0.4)
      activemodel (= 7.0.4)
      activesupport (= 7.0.4)
    activestorage (7.0.4)
      actionpack (= 7.0.4)
      activejob (= 7.0.4)
      activerecord (= 7.0.4)
      activesupport (= 7.0.4)
      marcel (~> 1.0)
      mini_mime (>= 1.1.0)
    activesupport (7.0.4)
      concurrent-ruby (~> 1.0, >= 1.0.2)
      i18n (>= 1.6, < 2)
      minitest (>= 5.1)
      tzinfo (~> 2.0)
=======
    activejob (6.0.3.7)
      activesupport (= 6.0.3.7)
      globalid (>= 0.3.6)
=======
    activejob (6.0.3.7)
      activesupport (= 6.0.3.7)
      globalid (>= 0.3.6)
>>>>>>> 7b8c24e... Updated gems
    activemodel (6.0.3.7)
      activesupport (= 6.0.3.7)
    activerecord (6.0.3.7)
      activemodel (= 6.0.3.7)
      activesupport (= 6.0.3.7)
    activestorage (6.0.3.7)
      actionpack (= 6.0.3.7)
      activejob (= 6.0.3.7)
      activerecord (= 6.0.3.7)
      marcel (~> 1.0.0)
    activesupport (6.0.3.7)
=======
    activejob (7.0.4)
      activesupport (= 7.0.4)
      globalid (>= 0.3.6)
    activemodel (7.0.4)
      activesupport (= 7.0.4)
    activerecord (7.0.4)
      activemodel (= 7.0.4)
      activesupport (= 7.0.4)
    activestorage (7.0.4)
      actionpack (= 7.0.4)
      activejob (= 7.0.4)
      activerecord (= 7.0.4)
      activesupport (= 7.0.4)
      marcel (~> 1.0)
      mini_mime (>= 1.1.0)
    activesupport (7.0.4)
>>>>>>> 8e324bc... Update Ruby and Rails
      concurrent-ruby (~> 1.0, >= 1.0.2)
<<<<<<< HEAD
      i18n (>= 0.7, < 2)
      minitest (~> 5.1)
      tzinfo (~> 1.1)
      zeitwerk (~> 2.2, >= 2.2.2)
<<<<<<< HEAD
<<<<<<< HEAD
>>>>>>> 7d3f11c... Updated gems
    addressable (2.8.4)
      public_suffix (>= 2.0.2, < 6.0)
    autoprefixer-rails (10.4.13.0)
      execjs (~> 2)
    awesome_print (1.9.2)
=======
=======
>>>>>>> 7b8c24e... Updated gems
    addressable (2.8.1)
      public_suffix (>= 2.0.2, < 6.0)
    autoprefixer-rails (10.0.0.2)
      execjs
    awesome_print (1.8.0)
<<<<<<< HEAD
>>>>>>> 1bd1b60... Bump addressable from 2.7.0 to 2.8.1
=======
=======
=======
      i18n (>= 1.6, < 2)
      minitest (>= 5.1)
      tzinfo (~> 2.0)
<<<<<<< HEAD
>>>>>>> a53c446... Update Ruby and Rails
=======
=======
    activejob (6.0.3.7)
      activesupport (= 6.0.3.7)
      globalid (>= 0.3.6)
    activemodel (6.0.3.7)
      activesupport (= 6.0.3.7)
    activerecord (6.0.3.7)
      activemodel (= 6.0.3.7)
      activesupport (= 6.0.3.7)
    activestorage (6.0.3.7)
      actionpack (= 6.0.3.7)
      activejob (= 6.0.3.7)
      activerecord (= 6.0.3.7)
      marcel (~> 1.0.0)
    activesupport (6.0.3.7)
      concurrent-ruby (~> 1.0, >= 1.0.2)
      i18n (>= 0.7, < 2)
      minitest (~> 5.1)
      tzinfo (~> 1.1)
      zeitwerk (~> 2.2, >= 2.2.2)
>>>>>>> 7d3f11c... Updated gems
>>>>>>> 3318f2b... Updated gems
    addressable (2.8.4)
      public_suffix (>= 2.0.2, < 6.0)
    autoprefixer-rails (10.4.13.0)
      execjs (~> 2)
    awesome_print (1.9.2)
>>>>>>> 85c3e69... Updated gems
>>>>>>> 7b8c24e... Updated gems
    babel-source (5.8.35)
    babel-transpiler (0.7.0)
      babel-source (>= 4.0, < 6)
      execjs (~> 2.0)
    bcrypt (3.1.18)
    bindex (0.8.1)
    bourbon (7.3.0)
      thor (~> 1.0)
    browser (5.3.1)
    builder (3.2.4)
    bullet (7.0.7)
      activesupport (>= 3.0.0)
      uniform_notifier (~> 1.11)
    bundler-audit (0.9.1)
      bundler (>= 1.2.0, < 3)
      thor (~> 1.0)
    byebug (11.1.3)
    capybara (3.39.0)
      addressable
      matrix
      mini_mime (>= 0.1.3)
      nokogiri (~> 1.8)
      rack (>= 1.6.0)
      rack-test (>= 0.6.3)
      regexp_parser (>= 1.5, < 3.0)
      xpath (~> 3.2)
    coderay (1.1.3)
    concurrent-ruby (1.2.2)
    crack (0.4.5)
      rexml
    crass (1.0.6)
    database_cleaner (2.0.2)
      database_cleaner-active_record (>= 2, < 3)
    database_cleaner-active_record (2.1.0)
      activerecord (>= 5.a)
      database_cleaner-core (~> 2.0.0)
    database_cleaner-core (2.0.1)
    date (3.3.3)
    delayed_job (4.1.11)
      activesupport (>= 3.0, < 8.0)
    delayed_job_active_record (4.1.7)
      activerecord (>= 3.0, < 8.0)
      delayed_job (>= 3.0, < 5)
    devise (4.9.2)
      bcrypt (~> 3.0)
      orm_adapter (~> 0.1)
      railties (>= 4.1.0)
      responders
      warden (~> 1.2.3)
    diff-lcs (1.5.0)
    docile (1.4.0)
    dotenv (2.8.1)
    dotenv-rails (2.8.1)
      dotenv (= 2.8.1)
      railties (>= 3.2)
    em-websocket (0.5.3)
      eventmachine (>= 0.12.9)
      http_parser.rb (~> 0)
    erubi (1.12.0)
    eventmachine (1.2.7)
    execjs (2.8.1)
    factory_bot (6.2.1)
      activesupport (>= 5.0.0)
    factory_bot_rails (6.2.0)
      factory_bot (~> 6.2.0)
      railties (>= 5.0.0)
    faraday (2.7.4)
      faraday-net_http (>= 2.0, < 3.1)
      ruby2_keywords (>= 0.0.4)
    faraday-net_http (3.0.2)
    ffi (1.15.5)
    flutie (2.2.0)
    formatador (1.1.0)
    formulaic (0.4.1)
      activesupport
      capybara
      i18n
    friendly_id (5.5.0)
      activerecord (>= 4.0.0)
<<<<<<< HEAD
<<<<<<< HEAD
<<<<<<< HEAD
    gemoji (4.1.0)
=======
>>>>>>> 7d3f11c... Updated gems
=======
>>>>>>> 7b8c24e... Updated gems
=======
    gemoji (4.1.0)
=======
>>>>>>> 7d3f11c... Updated gems
>>>>>>> d324b8a... Updated gems
    gibbon (3.4.4)
      faraday (>= 1.0)
      multi_json (>= 1.11.0)
    globalid (1.1.0)
      activesupport (>= 5.0)
    guard (2.18.0)
      formatador (>= 0.2.4)
      listen (>= 2.7, < 4.0)
      lumberjack (>= 1.0.12, < 2.0)
      nenv (~> 0.1)
      notiffany (~> 0.0)
      pry (>= 0.13.0)
      shellany (~> 0.0)
      thor (>= 0.18.1)
    guard-compat (1.2.1)
    guard-livereload (2.5.2)
      em-websocket (~> 0.5)
      guard (~> 2.8)
      guard-compat (~> 1.0)
      multi_json (~> 1.8)
    hashdiff (1.0.1)
    high_voltage (3.1.2)
    http_parser.rb (0.8.0)
    i18n (1.13.0)
      concurrent-ruby (~> 1.0)
    inline_svg (1.9.0)
      activesupport (>= 3.0)
      nokogiri (>= 1.6)
    jquery-rails (4.5.1)
      rails-dom-testing (>= 1, < 3)
      railties (>= 4.2.0)
      thor (>= 0.14, < 2.0)
    launchy (2.5.2)
      addressable (~> 2.8)
    listen (3.8.0)
      rb-fsevent (~> 0.10, >= 0.10.3)
      rb-inotify (~> 0.9, >= 0.9.10)
    lockup (1.7)
      rails (>= 3, < 7.1)
    loofah (2.20.0)
      crass (~> 1.0.2)
      nokogiri (>= 1.5.9)
    lumberjack (1.2.8)
    mail (2.8.1)
      mini_mime (>= 0.1.1)
      net-imap
      net-pop
      net-smtp
    marcel (1.0.2)
    matrix (0.4.2)
    method_source (1.0.0)
    mini_mime (1.1.2)
    mini_portile2 (2.8.2)
    minitest (5.18.0)
    multi_json (1.15.0)
    neat (1.7.4)
      bourbon (>= 4.0)
      sass (>= 3.3)
    nenv (0.3.0)
<<<<<<< HEAD
<<<<<<< HEAD
<<<<<<< HEAD
<<<<<<< HEAD
<<<<<<< HEAD
=======
>>>>>>> 7b8c24e... Updated gems
=======
>>>>>>> 7a820c9... Bump puma from 5.0.0 to 5.6.4
=======
>>>>>>> d324b8a... Updated gems
    net-imap (0.3.4)
      date
      net-protocol
    net-pop (0.1.2)
      net-protocol
    net-protocol (0.2.1)
      timeout
    net-smtp (0.3.3)
      net-protocol
    nio4r (2.5.9)
    nokogiri (1.14.3)
      mini_portile2 (~> 2.8.0)
      racc (~> 1.4)
<<<<<<< HEAD
<<<<<<< HEAD
=======
>>>>>>> 7a820c9... Bump puma from 5.0.0 to 5.6.4
=======
    nio4r (2.5.8)
    nokogiri (1.10.10)
      mini_portile2 (~> 2.4.0)
>>>>>>> 9d47e1a... Bump puma from 5.0.0 to 5.6.4
<<<<<<< HEAD
<<<<<<< HEAD
=======
>>>>>>> d324b8a... Updated gems
=======
    nio4r (2.5.8)
    nokogiri (1.10.10)
      mini_portile2 (~> 2.4.0)
=======
    net-imap (0.3.4)
      date
      net-protocol
    net-pop (0.1.2)
      net-protocol
    net-protocol (0.2.1)
      timeout
    net-smtp (0.3.3)
      net-protocol
    nio4r (2.5.9)
    nokogiri (1.14.3)
      mini_portile2 (~> 2.8.0)
      racc (~> 1.4)
>>>>>>> 85c3e69... Updated gems
>>>>>>> 7d3f11c... Updated gems
<<<<<<< HEAD
=======
>>>>>>> 7b8c24e... Updated gems
=======
>>>>>>> 7a820c9... Bump puma from 5.0.0 to 5.6.4
=======
>>>>>>> d324b8a... Updated gems
    normalize-rails (3.0.3)
    notiffany (0.1.3)
      nenv (~> 0.1)
      shellany (~> 0.0)
    orm_adapter (0.5.0)
    pg (1.5.3)
    pry (0.14.2)
      coderay (~> 1.1)
      method_source (~> 1.0)
    pry-byebug (3.10.1)
      byebug (~> 11.0)
      pry (>= 0.13, < 0.15)
    pry-rails (0.3.9)
      pry (>= 0.10.4)
<<<<<<< HEAD
<<<<<<< HEAD
<<<<<<< HEAD
<<<<<<< HEAD
<<<<<<< HEAD
<<<<<<< HEAD
    public_suffix (5.0.1)
    puma (6.2.2)
=======
    public_suffix (4.0.6)
    puma (5.6.4)
>>>>>>> 9d47e1a... Bump puma from 5.0.0 to 5.6.4
=======
    public_suffix (4.0.6)
    puma (5.6.4)
=======
    public_suffix (5.0.1)
    puma (6.2.2)
>>>>>>> 85c3e69... Updated gems
>>>>>>> 7d3f11c... Updated gems
=======
    public_suffix (5.0.0)
    puma (5.0.0)
>>>>>>> 1bd1b60... Bump addressable from 2.7.0 to 2.8.1
=======
=======
>>>>>>> 7a820c9... Bump puma from 5.0.0 to 5.6.4
=======
>>>>>>> d324b8a... Updated gems
    public_suffix (5.0.0)
    puma (5.0.0)
=======
    public_suffix (5.0.1)
    puma (6.2.2)
>>>>>>> 85c3e69... Updated gems
<<<<<<< HEAD
>>>>>>> 7b8c24e... Updated gems
=======
=======
=======
>>>>>>> 3318f2b... Updated gems
    public_suffix (5.0.1)
    puma (6.2.2)
=======
    public_suffix (4.0.6)
    puma (5.6.4)
>>>>>>> 9d47e1a... Bump puma from 5.0.0 to 5.6.4
<<<<<<< HEAD
>>>>>>> 0b38301... Bump puma from 5.0.0 to 5.6.4
<<<<<<< HEAD
>>>>>>> 7a820c9... Bump puma from 5.0.0 to 5.6.4
=======
=======
=======
    public_suffix (4.0.6)
    puma (5.6.4)
=======
    public_suffix (5.0.1)
    puma (6.2.2)
>>>>>>> 85c3e69... Updated gems
>>>>>>> 7d3f11c... Updated gems
>>>>>>> 3318f2b... Updated gems
>>>>>>> d324b8a... Updated gems
      nio4r (~> 2.0)
    racc (1.6.2)
    rack (2.2.7)
    rack-canonical-host (1.2.0)
      addressable (> 0, < 3)
      rack (>= 1, < 4)
    rack-livereload (0.5.1)
      rack
    rack-test (2.1.0)
      rack (>= 1.3)
    rack-timeout (0.6.3)
<<<<<<< HEAD
<<<<<<< HEAD
<<<<<<< HEAD
<<<<<<< HEAD
=======
>>>>>>> 8e324bc... Update Ruby and Rails
=======
>>>>>>> d324b8a... Updated gems
    rails (7.0.4)
      actioncable (= 7.0.4)
      actionmailbox (= 7.0.4)
      actionmailer (= 7.0.4)
      actionpack (= 7.0.4)
      actiontext (= 7.0.4)
      actionview (= 7.0.4)
      activejob (= 7.0.4)
      activemodel (= 7.0.4)
      activerecord (= 7.0.4)
      activestorage (= 7.0.4)
      activesupport (= 7.0.4)
      bundler (>= 1.15.0)
      railties (= 7.0.4)
<<<<<<< HEAD
<<<<<<< HEAD
=======
=======
>>>>>>> 7b8c24e... Updated gems
=======
=======
>>>>>>> d324b8a... Updated gems
    rails (6.0.3.7)
      actioncable (= 6.0.3.7)
      actionmailbox (= 6.0.3.7)
      actionmailer (= 6.0.3.7)
      actionpack (= 6.0.3.7)
      actiontext (= 6.0.3.7)
      actionview (= 6.0.3.7)
      activejob (= 6.0.3.7)
      activemodel (= 6.0.3.7)
      activerecord (= 6.0.3.7)
      activestorage (= 6.0.3.7)
      activesupport (= 6.0.3.7)
      bundler (>= 1.3.0)
      railties (= 6.0.3.7)
      sprockets-rails (>= 2.0.0)
>>>>>>> 7d3f11c... Updated gems
<<<<<<< HEAD
=======
>>>>>>> 8e324bc... Update Ruby and Rails
=======
>>>>>>> d324b8a... Updated gems
    rails-dom-testing (2.0.3)
      activesupport (>= 4.2.0)
      nokogiri (>= 1.6)
    rails-html-sanitizer (1.5.0)
      loofah (~> 2.19, >= 2.19.1)
<<<<<<< HEAD
<<<<<<< HEAD
<<<<<<< HEAD
<<<<<<< HEAD
    railties (7.0.4)
      actionpack (= 7.0.4)
      activesupport (= 7.0.4)
      method_source
      rake (>= 12.2)
      thor (~> 1.0)
      zeitwerk (~> 2.5)
=======
=======
>>>>>>> 7b8c24e... Updated gems
    railties (6.0.3.7)
      actionpack (= 6.0.3.7)
      activesupport (= 6.0.3.7)
      method_source
      rake (>= 0.8.7)
      thor (>= 0.20.3, < 2.0)
<<<<<<< HEAD
>>>>>>> 7d3f11c... Updated gems
=======
>>>>>>> 7b8c24e... Updated gems
=======
=======
>>>>>>> d324b8a... Updated gems
    railties (7.0.4)
      actionpack (= 7.0.4)
      activesupport (= 7.0.4)
      method_source
      rake (>= 12.2)
      thor (~> 1.0)
      zeitwerk (~> 2.5)
<<<<<<< HEAD
>>>>>>> 8e324bc... Update Ruby and Rails
=======
=======
    railties (6.0.3.7)
      actionpack (= 6.0.3.7)
      activesupport (= 6.0.3.7)
      method_source
      rake (>= 0.8.7)
      thor (>= 0.20.3, < 2.0)
>>>>>>> 7d3f11c... Updated gems
>>>>>>> d324b8a... Updated gems
    rake (13.0.6)
    rb-fsevent (0.11.2)
    rb-inotify (0.10.1)
      ffi (~> 1.0)
    recipient_interceptor (0.3.1)
      mail
<<<<<<< HEAD
<<<<<<< HEAD
<<<<<<< HEAD
<<<<<<< HEAD
=======
>>>>>>> 7d3f11c... Updated gems
=======
>>>>>>> 7b8c24e... Updated gems
=======
=======
>>>>>>> 7d3f11c... Updated gems
>>>>>>> d324b8a... Updated gems
    redcarpet (3.6.0)
    regexp_parser (2.8.0)
    responders (3.1.0)
      actionpack (>= 5.2)
      railties (>= 5.2)
    rexml (3.2.5)
    rouge (4.1.0)
<<<<<<< HEAD
<<<<<<< HEAD
<<<<<<< HEAD
=======
>>>>>>> d324b8a... Updated gems
=======
    redcarpet (3.5.1)
    regexp_parser (1.8.0)
    responders (3.0.1)
      actionpack (>= 5.0)
      railties (>= 5.0)
    rouge (3.23.0)
>>>>>>> 5a7a5ac... Bump redcarpet from 3.5.0 to 3.5.1
=======
>>>>>>> 7d3f11c... Updated gems
<<<<<<< HEAD
=======
>>>>>>> 7b8c24e... Updated gems
=======
>>>>>>> d324b8a... Updated gems
    rouge-rails (0.2.1)
      actionview
      railties
      rouge
    rspec-core (3.12.2)
      rspec-support (~> 3.12.0)
    rspec-expectations (3.12.3)
      diff-lcs (>= 1.2.0, < 2.0)
      rspec-support (~> 3.12.0)
    rspec-mocks (3.12.5)
      diff-lcs (>= 1.2.0, < 2.0)
      rspec-support (~> 3.12.0)
<<<<<<< HEAD
<<<<<<< HEAD
<<<<<<< HEAD
<<<<<<< HEAD
=======
>>>>>>> 8e324bc... Update Ruby and Rails
=======
>>>>>>> d324b8a... Updated gems
    rspec-rails (6.0.1)
      actionpack (>= 6.1)
      activesupport (>= 6.1)
      railties (>= 6.1)
      rspec-core (~> 3.11)
      rspec-expectations (~> 3.11)
      rspec-mocks (~> 3.11)
      rspec-support (~> 3.11)
<<<<<<< HEAD
<<<<<<< HEAD
=======
=======
>>>>>>> 7b8c24e... Updated gems
=======
=======
>>>>>>> d324b8a... Updated gems
    rspec-rails (5.1.2)
      actionpack (>= 5.2)
      activesupport (>= 5.2)
      railties (>= 5.2)
      rspec-core (~> 3.10)
      rspec-expectations (~> 3.10)
      rspec-mocks (~> 3.10)
      rspec-support (~> 3.10)
<<<<<<< HEAD
<<<<<<< HEAD
>>>>>>> 7d3f11c... Updated gems
=======
>>>>>>> 7b8c24e... Updated gems
=======
>>>>>>> 8e324bc... Update Ruby and Rails
=======
>>>>>>> 7d3f11c... Updated gems
>>>>>>> d324b8a... Updated gems
    rspec-support (3.12.0)
    ruby2_keywords (0.0.5)
    sass (3.7.4)
      sass-listen (~> 4.0.0)
    sass-listen (4.0.0)
      rb-fsevent (~> 0.9, >= 0.9.4)
      rb-inotify (~> 0.9, >= 0.9.7)
    sass-rails (5.1.0)
      railties (>= 5.2.0)
      sass (~> 3.1)
      sprockets (>= 2.8, < 4.0)
      sprockets-rails (>= 2.0, < 4.0)
      tilt (>= 1.1, < 3)
    shellany (0.0.1)
    shoulda-matchers (5.3.0)
      activesupport (>= 5.2.0)
    simple_form (5.2.0)
      actionpack (>= 5.2)
      activemodel (>= 5.2)
    simplecov (0.22.0)
      docile (~> 1.1)
      simplecov-html (~> 0.11)
      simplecov_json_formatter (~> 0.1)
    simplecov-html (0.12.3)
    simplecov_json_formatter (0.1.4)
    slim (5.1.0)
      temple (~> 0.10.0)
      tilt (>= 2.0.6, < 2.2)
    spring (4.1.1)
    spring-commands-rspec (1.0.4)
      spring (>= 0.9.1)
    sprockets (3.7.2)
      concurrent-ruby (~> 1.0)
      rack (> 1, < 3)
    sprockets-es6 (0.9.2)
      babel-source (>= 5.8.11)
      babel-transpiler
      sprockets (>= 3.0.0)
    sprockets-rails (3.4.2)
      actionpack (>= 5.2)
      activesupport (>= 5.2)
      sprockets (>= 3.0.0)
    temple (0.10.0)
    thor (1.2.1)
<<<<<<< HEAD
<<<<<<< HEAD
<<<<<<< HEAD
<<<<<<< HEAD
=======
    thread_safe (0.3.6)
>>>>>>> 7d3f11c... Updated gems
=======
    thread_safe (0.3.6)
>>>>>>> 7b8c24e... Updated gems
=======
>>>>>>> 8e324bc... Update Ruby and Rails
=======
=======
    thread_safe (0.3.6)
>>>>>>> 7d3f11c... Updated gems
>>>>>>> d324b8a... Updated gems
    tilt (2.1.0)
    timecop (0.9.6)
    timeout (0.3.2)
    title (0.0.8)
      i18n
      rails (>= 3.1)
<<<<<<< HEAD
<<<<<<< HEAD
<<<<<<< HEAD
<<<<<<< HEAD
    tzinfo (2.0.6)
      concurrent-ruby (~> 1.0)
=======
=======
>>>>>>> 7b8c24e... Updated gems
    tzinfo (1.2.11)
      thread_safe (~> 0.1)
>>>>>>> 7d3f11c... Updated gems
=======
    tzinfo (2.0.6)
      concurrent-ruby (~> 1.0)
>>>>>>> 8e324bc... Update Ruby and Rails
=======
    tzinfo (2.0.6)
      concurrent-ruby (~> 1.0)
=======
    tzinfo (1.2.11)
      thread_safe (~> 0.1)
>>>>>>> 7d3f11c... Updated gems
>>>>>>> d324b8a... Updated gems
    uglifier (4.2.0)
      execjs (>= 0.3.0, < 3)
    uniform_notifier (1.16.0)
    warden (1.2.9)
      rack (>= 2.0.9)
    web-console (4.2.0)
      actionview (>= 6.0.0)
      activemodel (>= 6.0.0)
      bindex (>= 0.4.0)
      railties (>= 6.0.0)
    webmock (3.18.1)
      addressable (>= 2.8.0)
      crack (>= 0.3.2)
      hashdiff (>= 0.4.0, < 2.0.0)
    websocket-driver (0.7.5)
      websocket-extensions (>= 0.1.0)
    websocket-extensions (0.1.5)
    xpath (3.2.0)
      nokogiri (~> 1.8)
    zeitwerk (2.6.8)

PLATFORMS
  ruby

DEPENDENCIES
  autoprefixer-rails
  awesome_print
  bourbon
  browser
  bullet
  bundler-audit
  database_cleaner
  delayed_job_active_record
  devise
  dotenv-rails
  factory_bot_rails
  flutie
  formulaic
  friendly_id
  gemoji
  gibbon
  guard-livereload
  high_voltage
  inline_svg
  jquery-rails
  launchy
  lockup
  neat (~> 1.7.0)
  normalize-rails (~> 3.0.0)
  pg
  pry-byebug
  pry-rails
  puma
  rack-canonical-host
  rack-livereload
  rack-timeout
  rails (= 7.0.4)
  recipient_interceptor
  redcarpet
  rouge-rails
  rspec-rails
  sass-rails (~> 5.0)
  shoulda-matchers
  simple_form
  simplecov
  slim
  spring
  spring-commands-rspec
  sprockets
  sprockets-es6
  timecop
  title
  uglifier
  web-console
  webmock

RUBY VERSION
   ruby 3.2.2p53

BUNDLED WITH
   2.4.12
